PATH
  remote: ../rulers
  specs:
    rulers (0.0.2)
      rack (~> 1.5)

GEM
  remote: https://rubygems.org/
  specs:
    daemons (1.1.9)
    eventmachine (1.0.3)
    rack (1.5.2)
    thin (1.6.2)
      daemons (>= 1.0.9)
      eventmachine (>= 1.0.0)
      rack (>= 1.0.0)

PLATFORMS
  ruby

DEPENDENCIES
  rack (~> 1.5.2)
  rulers!
  thin
